PATH
  remote: .
  specs:
    applidget-oauth2 (0.0.1)

GEM
  remote: https://rubygems.org/
  specs:
    rake (10.3.2)

PLATFORMS
  ruby

DEPENDENCIES
  applidget-oauth2!
  bundler (~> 1.6)
  rake
